GEM
  remote: https://rubygems.org/
  specs:
    ast (2.4.1)
    docile (1.3.2)
    parser (2.7.1.4)
      ast (~> 2.4.1)
    powerpack (0.1.2)
    rainbow (2.2.2)
      rake
    rake (13.0.1)
    rubocop (0.39.0)
      parser (>= 2.3.0.7, < 3.0)
      powerpack (~> 0.1)
      rainbow (>= 1.99.1, < 3.0)
      ruby-progressbar (~> 1.7)
      unicode-display_width (~> 1.0, >= 1.0.1)
    ruby-progressbar (1.10.1)
    simplecov (0.18.5)
      docile (~> 1.1)
      simplecov-html (~> 0.11)
    simplecov-html (0.12.2)
    unicode-display_width (1.7.0)

PLATFORMS
  ruby

DEPENDENCIES
  rubocop (~> 0.39.0)
  simplecov

BUNDLED WITH
   2.1.2
